PATH
  remote: .
  specs:
    resque-scheduler (1.9.10)
      redis (>= 2.0.1)
      resque (>= 1.8.0)
      rufus-scheduler

GEM
  remote: http://rubygems.org/
  specs:
    backports (3.3.3)
    mocha (0.9.9)
      rake
    mono_logger (1.1.0)
    multi_json (1.7.7)
    rack (1.2.1)
    rack-test (0.5.6)
      rack (>= 1.0)
    rake (0.8.7)
    redis (3.0.4)
    redis-namespace (1.3.0)
      redis (~> 3.0.0)
    resque (1.24.1)
      mono_logger (~> 1.0)
      multi_json (~> 1.0)
      redis-namespace (~> 1.2)
      sinatra (>= 0.9.2)
      vegas (~> 0.1.2)
    rufus-scheduler (2.0.22)
      tzinfo (>= 0.3.23)
    sinatra (1.2.9)
      backports
      rack (~> 1.1, < 1.5)
      tilt (>= 1.2.2, < 2.0)
    tilt (1.4.1)
    tzinfo (1.0.1)
    vegas (0.1.11)
      rack (>= 1.0.0)

PLATFORMS
  ruby

DEPENDENCIES
  bundler (>= 1.0.0)
  mocha
  rack-test
  resque-scheduler!
