GIT
  remote: https://github.com/defunkt/resque.git
  revision: 8d92f032fc4ee0c05c928c17ecdbf7f72196816d
  specs:
    resque (1.19.0)
      multi_json (~> 1.0)
      redis-namespace (~> 1.0.2)
      sinatra (>= 0.9.2)
      vegas (~> 0.1.2)

PATH
  remote: .
  specs:
    resque-scheduler (2.0.0.d)
      redis (>= 2.0.1)
      rufus-scheduler

GEM
  remote: http://rubygems.org/
  specs:
    mocha (0.9.9)
      rake
    multi_json (1.0.3)
    rack (1.2.1)
    rack-test (0.5.6)
      rack (>= 1.0)
    rake (0.8.7)
    redis (2.2.1)
    redis-namespace (1.0.3)
      redis (< 3.0.0)
    rufus-scheduler (2.0.10)
      tzinfo (>= 0.3.23)
    sinatra (1.2.6)
      rack (~> 1.1)
      tilt (< 2.0, >= 1.2.2)
    tilt (1.3.3)
    tzinfo (0.3.29)
    vegas (0.1.8)
      rack (>= 1.0.0)
    yajl-ruby (0.8.2)

PLATFORMS
  ruby

DEPENDENCIES
  bundler (>= 1.0.0)
  mocha
  rack-test
  resque!
  resque-scheduler!
  yajl-ruby
